NUGET
  remote: https://teamcity.unic.com/httpAuth/app/nuget/v1/FeedService.svc
  specs:
    Unic.Bob.Keith (1.1.0)
    Unic.Bob.Rubble (1.0.2)
