NUGET
 remote: https://www.nuget.org/api/v2
  specs:
    Unic.Bob.Keith (2.0.0)
    Unic.Bob.Rubble (3.0.0)
