NUGET
  remote: https://teamcity.unic.com/httpAuth/app/nuget/v1/FeedService.svc
  specs:
    Unic.Bob.Keith (0.3.0-unstable0048)
    Unic.Bob.Rubble (0.2.0-unstable0027)
